PATH
  remote: .
  specs:
    epdq (0.0.3)

GEM
  remote: https://rubygems.org/
  specs:
    ast (2.2.0)
    metaclass (0.0.4)
    mocha (1.1.0)
      metaclass (~> 0.0.1)
    parser (2.3.0.6)
      ast (~> 2.2)
    powerpack (0.1.1)
    rainbow (2.1.0)
    rake (10.5.0)
    rubocop (0.37.2)
      parser (>= 2.3.0.4, < 3.0)
      powerpack (~> 0.1)
      rainbow (>= 1.99.1, < 3.0)
      ruby-progressbar (~> 1.7)
      unicode-display_width (~> 0.3)
    ruby-progressbar (1.7.5)
    test-unit (2.5.3)
    unicode-display_width (0.3.1)

PLATFORMS
  ruby

DEPENDENCIES
  epdq!
  mocha (~> 1.1.0)
  rake
  rubocop
  test-unit (~> 2.5.3)

BUNDLED WITH
   1.11.2
